PATH
  remote: ../
  specs:
    natural_number_string (0.1.0)

GEM
  remote: https://rubygems.org/
  specs:

PLATFORMS
  ruby

DEPENDENCIES
  natural_number_string!

BUNDLED WITH
   1.10.6
